PATH
  remote: .
  specs:
    rglibrary (0.0.1)
      json

GEM
  remote: https://rubygems.org/
  specs:
    json (1.8.1)
    rake (10.1.0)

PLATFORMS
  ruby

DEPENDENCIES
  bundler (~> 1.9)
  rake (~> 10.0)
  rglibrary!
